GEM
  remote: https://rubygems.org/
  specs:
    highline (1.7.10)
    net-ldap (0.16.2)

PLATFORMS
  ruby

DEPENDENCIES
  highline
  net-ldap

BUNDLED WITH
   1.16.0
